GEM
  remote: http://rubygems.org/
  specs:
    rack (1.0.1)
    rack-test (0.6.1)
      rack (>= 1.0)
    redis (2.2.2)
    rspec (1.3.1)
    sinatra (1.0)
      rack (>= 1.0)

PLATFORMS
  ruby

DEPENDENCIES
  rack-test
  redis
  rspec
  sinatra
